GEM
  remote: http://rubygems.org/
  specs:
    bouncy-castle-java (1.5.0146.1)
    childprocess (0.2.8)
      ffi (~> 1.0.6)
    diff-lcs (1.1.3)
    ffi (1.0.11)
    ffi (1.0.11-java)
    hoe (2.12.5)
      rake (~> 0.8)
    jruby-jars (1.6.5.1)
    jruby-openssl (0.7.4)
      bouncy-castle-java
    jruby-rack (1.1.2)
    json (1.6.4)
    json (1.6.4-java)
    json_pure (1.6.4)
    rake (0.9.2.2)
    rcov (0.9.11)
    rcov (0.9.11-java)
    rdoc (3.12)
      json (~> 1.4)
    rspec (1.3.2)
    rubyforge (2.0.4)
      json_pure (>= 1.1.7)
    rubyzip (0.9.5)

PLATFORMS
  java
  ruby

DEPENDENCIES
  childprocess
  diff-lcs
  hoe (>= 2.3.2)
  jruby-jars
  jruby-openssl
  jruby-rack
  rake
  rcov (>= 0.9.8)
  rdoc
  rspec (~> 1.3)
  rubyforge
  rubyzip
